PATH
  remote: .
  specs:
    rubeme (0.1.0)

GEM
  remote: https://rubygems.org/
  specs:
    minitest (5.14.4)
    rake (13.0.3)

PLATFORMS
  x86_64-darwin-20

DEPENDENCIES
  minitest (~> 5.0)
  rake (~> 13.0)
  rubeme!

BUNDLED WITH
   2.2.3
